GEM
  remote: http://rubygems.org/
  specs:
    facter (1.6.17)
    hiera (1.1.2)
      json_pure
    json (1.7.7)
    json_pure (1.7.7)
    librarian-puppet (0.9.8)
      json
      thor (~> 0.15)
    puppet (3.1.0)
      facter (~> 1.6)
      hiera (~> 1.0)
    sys-admin (1.5.6)
    sys-admin (1.5.6-x86-mingw32)
      win32-security (>= 0.1.2)
    thor (0.17.0)
    win32-api (1.4.8)
    win32-api (1.4.8-x86-mingw32)
    win32-dir (0.3.7)
      windows-pr (>= 1.0.9)
    win32-eventlog (0.5.3)
      windows-pr (>= 0.9.3)
    win32-process (0.6.5)
      windows-pr (>= 1.1.2)
    win32-security (0.1.4)
      windows-pr (>= 1.2.2)
    win32-service (0.7.2)
      windows-pr (>= 1.0.8)
    win32-service (0.7.2-x86-mingw32)
      windows-pr (>= 1.0.8)
    win32-taskscheduler (0.2.2)
    win32console (1.3.2)
    win32console (1.3.2-x86-mingw32)
    windows-api (0.4.0)
      win32-api (>= 1.4.5)
    windows-pr (1.2.2)
      win32-api (>= 1.4.5)
      windows-api (>= 0.3.0)

PLATFORMS
  x86-mingw32

DEPENDENCIES
  librarian-puppet
  puppet (= 3.1.0)
  sys-admin (= 1.5.6)
  win32-api (= 1.4.8)
  win32-dir (= 0.3.7)
  win32-eventlog (= 0.5.3)
  win32-process (= 0.6.5)
  win32-security (= 0.1.4)
  win32-service (= 0.7.2)
  win32-taskscheduler (= 0.2.2)
  win32console (= 1.3.2)
  windows-api (= 0.4.0)
  windows-pr (= 1.2.2)
